PATH
  remote: .
  specs:
    pagy (4.0.0)

GEM
  remote: https://rubygems.org/
  specs:
    ansi (1.5.0)
    ast (2.4.2)
    builder (3.2.4)
    codecov (0.5.1)
      simplecov (>= 0.15, < 0.22)
    concurrent-ruby (1.1.8)
    docile (1.3.5)
    i18n (1.8.9)
      concurrent-ruby (~> 1.0)
    jaro_winkler (1.5.4)
    minitest (5.14.4)
    minitest-reporters (1.4.3)
      ansi
      builder
      minitest (>= 5.0)
      ruby-progressbar
    multi_json (1.15.0)
    mustermann (1.1.1)
      ruby2_keywords (~> 0.0.1)
    nio4r (2.5.7)
    oj (3.11.2)
    parallel (1.20.1)
    parser (3.0.0.0)
      ast (~> 2.4.1)
    puma (5.2.2)
      nio4r (~> 2.0)
    rack (2.2.3)
    rack-protection (2.1.0)
      rack
    rainbow (3.0.0)
    rake (13.0.3)
    rexml (3.2.4)
    rubocop (0.82.0)
      jaro_winkler (~> 1.5.1)
      parallel (~> 1.10)
      parser (>= 2.7.0.1)
      rainbow (>= 2.2.2, < 4.0)
      rexml
      ruby-progressbar (~> 1.7)
      unicode-display_width (>= 1.4.0, < 2.0)
    rubocop-performance (1.5.2)
      rubocop (>= 0.71.0)
    ruby-progressbar (1.11.0)
    ruby2_keywords (0.0.4)
    simplecov (0.21.2)
      docile (~> 1.1)
      simplecov-html (~> 0.11)
      simplecov_json_formatter (~> 0.1)
    simplecov-html (0.12.3)
    simplecov_json_formatter (0.1.2)
    sinatra (2.1.0)
      mustermann (~> 1.0)
      rack (~> 2.2)
      rack-protection (= 2.1.0)
      tilt (~> 2.0)
    sinatra-contrib (2.1.0)
      multi_json
      mustermann (~> 1.0)
      rack-protection (= 2.1.0)
      sinatra (= 2.1.0)
      tilt (~> 2.0)
    tilt (2.0.10)
    unicode-display_width (1.7.0)

PLATFORMS
  x86_64-linux

DEPENDENCIES
  codecov
  i18n
  minitest
  minitest-reporters
  oj
  pagy!
  puma
  rack
  rake
  rubocop (~> 0.82.0)
  rubocop-performance (~> 1.5.0)
  simplecov
  sinatra
  sinatra-contrib

BUNDLED WITH
   2.2.3
